PATH
  remote: .
  specs:
    github-grep (0.0.0)
      faraday
      json

GEM
  remote: https://rubygems.org/
  specs:
    bump (0.5.3)
    faraday (0.11.0)
      multipart-post (>= 1.2, < 3)
    json (2.0.4)
    multipart-post (2.0.0)
    rake (11.3.0)

PLATFORMS
  ruby

DEPENDENCIES
  bump
  github-grep!
  rake

BUNDLED WITH
   1.13.6
